PATH
  remote: .
  specs:
    elibri_onix (0.2.0)
      activesupport (>= 2.3.5)
      elibri_onix_dict (>= 0.0.5)
      i18n
      nokogiri

GEM
  remote: https://rubygems.org/
  specs:
    activesupport (3.2.3)
      i18n (~> 0.6)
      multi_json (~> 1.0)
    coderay (1.0.6)
    elibri_onix_dict (0.0.13)
    i18n (0.6.0)
    metaclass (0.0.1)
    method_source (0.7.1)
    minitest (3.0.0)
    mocha (0.11.4)
      metaclass (~> 0.0.1)
    multi_json (1.3.5)
    nokogiri (1.5.2)
    pry (0.9.9.6)
      coderay (~> 1.0.5)
      method_source (~> 0.7.1)
      slop (>= 2.4.4, < 3)
    pry (0.9.9.6-java)
      coderay (~> 1.0.5)
      method_source (~> 0.7.1)
      slop (>= 2.4.4, < 3)
      spoon (~> 0.0)
    rake (0.9.2.2)
    slop (2.4.4)
    spoon (0.0.1)

PLATFORMS
  java
  ruby

DEPENDENCIES
  bundler (>= 1.0.0)
  elibri_onix!
  minitest
  mocha
  pry
  rake
