GEM
  remote: http://rubygems.org/
  specs:
    activesupport (2.3.5)
    coderay (0.9.8)
    elibri_onix_dict (0.0.5)
    git (1.2.5)
    i18n (0.6.0)
    jeweler (1.6.4)
      bundler (~> 1.0)
      git (>= 1.2.5)
      rake
    metaclass (0.0.1)
    method_source (0.6.6)
      ruby_parser (~> 2.0.5)
    minitest (2.6.1)
    mocha (0.10.0)
      metaclass (~> 0.0.1)
    nokogiri (1.5.0)
    pry (0.9.6.2)
      coderay (~> 0.9.8)
      method_source (~> 0.6.5)
      ruby_parser (~> 2.0.5)
      slop (~> 2.1.0)
    rake (0.9.2)
    rcov (0.9.11)
    roxml (3.1.3)
      activesupport (>= 2.1.0)
      nokogiri (>= 1.3.3)
    ruby_parser (2.0.6)
      sexp_processor (~> 3.0)
    sexp_processor (3.0.7)
    slop (2.1.0)

PLATFORMS
  ruby

DEPENDENCIES
  activesupport (>= 2.3.5)
  bundler (>= 1.0.0)
  elibri_onix_dict (= 0.0.5)
  i18n
  jeweler (~> 1.6.2)
  minitest
  mocha
  pry
  rcov
  roxml (= 3.1.3)
